GEM
  remote: https://rubygems.org/
  specs:
    kgio (2.7.4)
    public_suffix (1.1.3)
    rack (1.4.1)
    rack-protection (1.2.0)
      rack
    raindrops (0.10.0)
    rinku (1.7.2)
    sinatra (1.3.3)
      rack (~> 1.3, >= 1.3.6)
      rack-protection (~> 1.2)
      tilt (~> 1.3, >= 1.3.3)
    tilt (1.3.3)
    unicorn (4.4.0)
      kgio (~> 2.6)
      rack
      raindrops (~> 0.7)

PLATFORMS
  ruby

DEPENDENCIES
  public_suffix
  rinku
  sinatra
  unicorn
